GEM
  remote: https://rubygems.org/
  specs:
    events (0.9.8)

PLATFORMS
  ruby

DEPENDENCIES
  events (~> 0.9.8)

BUNDLED WITH
   1.13.6
